GEM
  remote: http://rubygems.org/
  specs:
    activesupport (3.2.8)
      i18n (~> 0.6)
      multi_json (~> 1.0)
    ansi (1.4.3)
    builder (3.1.4)
    columnize (0.3.6)
    debugger (1.2.1)
      columnize (>= 0.3.1)
      debugger-linecache (~> 1.1.1)
      debugger-ruby_core_source (~> 1.1.4)
    debugger-linecache (1.1.2)
      debugger-ruby_core_source (>= 1.1.1)
    debugger-ruby_core_source (1.1.4)
    five_leaves (0.2.1)
    gosu (0.7.45)
    grasshopper (0.4.5)
      minitest
    hashie (1.2.0)
    highline (1.6.15)
    i18n (0.6.1)
    minitest (4.1.0)
    minitest-reporters (0.12.0)
      ansi
      builder
      minitest (>= 2.12, < 5.0)
      powerbar
    multi_json (1.3.6)
    posto (0.3.5)
      activesupport
      five_leaves
      highline
    powerbar (1.0.11)
      ansi (~> 1.4.0)
      hashie (>= 1.1.0)
    rake (0.9.2.2)
    ruby-debug-ide (0.4.16)
      rake (>= 0.8.1)

PLATFORMS
  ruby

DEPENDENCIES
  bundler (>= 1.0.0)
  debugger
  five_leaves
  gosu
  grasshopper (>= 0.1.0)
  minitest
  minitest-reporters (>= 0.5.0)
  posto
  rake (>= 0.9.0)
  ruby-debug-ide
